GEM
  remote: https://rubygems.org/
  specs:
    awesome_print (1.6.1)
    aws-sdk (2.1.1)
      aws-sdk-resources (= 2.1.1)
    aws-sdk-core (2.1.1)
      jmespath (~> 1.0)
    aws-sdk-resources (2.1.1)
      aws-sdk-core (= 2.1.1)
    cloudformation-ruby-dsl (1.2.1)
      aws-sdk
      bundler
      detabulator
      diffy
      highline
      json
      rake
    detabulator (0.1.0)
    diffy (3.2.0)
    dns-zone (0.3.1)
    git (1.2.9.1)
    highline (1.7.10)
    jmespath (1.3.1)
    json (2.1.0)
    net-ssh (2.9.2)
    parallel (1.6.1)
    public_suffix (1.5.3)
    rack (1.6.4)
    rack-protection (1.5.3)
      rack
    rake (12.3.0)
    sinatra (1.4.7)
      rack (~> 1.5)
      rack-protection (~> 1.4)
      tilt (>= 1.3, < 3)
    thor (0.19.1)
    tilt (2.0.2)

PLATFORMS
  ruby

DEPENDENCIES
  awesome_print (= 1.6.1)
  aws-sdk-core (= 2.1.1)
  cloudformation-ruby-dsl (= 1.2.1)
  dns-zone (= 0.3.1)
  git (= 1.2.9.1)
  json (= 2.1.0)
  net-ssh (= 2.9.2)
  parallel (= 1.6.1)
  public_suffix (= 1.5.3)
  sinatra (= 1.4.7)
  thor (= 0.19.1)

BUNDLED WITH
   1.16.1
